GEM
  remote: https://rubygems.org/
  specs:
    activesupport (5.0.0.1)
      concurrent-ruby (~> 1.0, >= 1.0.2)
      i18n (~> 0.7)
      minitest (~> 5.1)
      tzinfo (~> 1.1)
    concurrent-ruby (1.0.2)
    ffi (1.9.14)
    hashie (3.4.6)
    i18n (0.7.0)
    minitest (5.9.1)
    mumble-ruby (1.1.3)
      activesupport
      hashie
      opus-ruby
      ruby_protobuf
      wavefile
    opus-ruby (1.0.1)
      ffi
    ruby_protobuf (0.4.11)
    slack-notifier (1.5.1)
    thread_safe (0.3.5)
    tzinfo (1.2.2)
      thread_safe (~> 0.1)
    wavefile (0.7.0)

PLATFORMS
  ruby

DEPENDENCIES
  mumble-ruby
  slack-notifier

BUNDLED WITH
   1.13.6
